GEM
  remote: http://rubygems.org/
  specs:
    abstract (1.0.0)
    actionmailer (3.0.10)
      actionpack (= 3.0.10)
      mail (~> 2.2.19)
    actionpack (3.0.10)
      activemodel (= 3.0.10)
      activesupport (= 3.0.10)
      builder (~> 2.1.2)
      erubis (~> 2.6.6)
      i18n (~> 0.5.0)
      rack (~> 1.2.1)
      rack-mount (~> 0.6.14)
      rack-test (~> 0.5.7)
      tzinfo (~> 0.3.23)
    activemodel (3.0.10)
      activesupport (= 3.0.10)
      builder (~> 2.1.2)
      i18n (~> 0.5.0)
    activerecord (3.0.10)
      activemodel (= 3.0.10)
      activesupport (= 3.0.10)
      arel (~> 2.0.10)
      tzinfo (~> 0.3.23)
    activeresource (3.0.10)
      activemodel (= 3.0.10)
      activesupport (= 3.0.10)
    activesupport (3.0.10)
    acts-as-taggable-on (2.1.1)
      rails
    acts_as_indexed (0.7.3)
    addressable (2.3.6)
    arel (2.0.10)
    awesome_nested_set (2.0.1)
      activerecord (>= 3.0.0)
    babosa (0.3.5)
    bcrypt-ruby (2.1.4)
    builder (2.1.2)
    dalli (1.0.5)
    devise (1.3.4)
      bcrypt-ruby (~> 2.1.2)
      orm_adapter (~> 0.0.3)
      warden (~> 1.0.3)
    devise_cas_authenticatable (1.0.0.alpha4)
      devise (>= 1.0.6)
      rubycas-client (~> 2.1.0)
    dragonfly (0.9.5)
      rack
    erubis (2.6.6)
      abstract (>= 1.0.0)
    excon (0.39.3)
    filters_spam (0.3)
    fog (1.23.0)
      fog-brightbox
      fog-core (~> 1.23)
      fog-json
      fog-softlayer
      ipaddress (~> 0.5)
      nokogiri (~> 1.5, >= 1.5.11)
    fog-brightbox (0.2.0)
      fog-core (~> 1.22)
      fog-json
      inflecto
    fog-core (1.23.0)
      builder
      excon (~> 0.38)
      formatador (~> 0.2)
      mime-types
      net-scp (~> 1.1)
      net-ssh (>= 2.1.3)
    fog-json (1.0.0)
      multi_json (~> 1.0)
    fog-softlayer (0.3.13)
      fog-core
      fog-json
    formatador (0.2.5)
    friendly_id_globalize3 (3.2.1.4)
      babosa (~> 0.3.0)
    globalize3 (0.1.0)
      activemodel (>= 3.0.0)
      activerecord (>= 3.0.0)
    heroku (3.9.3)
      heroku-api (~> 0.3.19)
      launchy (>= 0.3.2)
      netrc (~> 0.7.7)
      rest-client (~> 1.6.1)
      rubyzip
    heroku-api (0.3.19)
      excon (~> 0.38)
      multi_json (~> 1.8)
    i18n (0.5.0)
    inflecto (0.0.2)
    ipaddress (0.8.0)
    launchy (2.4.2)
      addressable (~> 2.3)
    mail (2.2.19)
      activesupport (>= 2.3.6)
      i18n (>= 0.4.0)
      mime-types (~> 1.16)
      treetop (~> 1.4.8)
    memcachier (0.0.2)
    mime-types (1.16)
    mini_portile (0.6.0)
    multi_json (1.10.1)
    net-scp (1.2.1)
      net-ssh (>= 2.6.5)
    net-ssh (2.9.1)
    netrc (0.7.7)
    nokogiri (1.6.3.1)
      mini_portile (= 0.6.0)
    orm_adapter (0.0.5)
    polyglot (0.3.2)
    rack (1.2.3)
    rack-cache (1.0.3)
      rack (>= 0.4)
    rack-mount (0.6.14)
      rack (>= 1.0.0)
    rack-test (0.5.7)
      rack (>= 1.0)
    rails (3.0.10)
      actionmailer (= 3.0.10)
      actionpack (= 3.0.10)
      activerecord (= 3.0.10)
      activeresource (= 3.0.10)
      activesupport (= 3.0.10)
      bundler (~> 1.0)
      railties (= 3.0.10)
    railties (3.0.10)
      actionpack (= 3.0.10)
      activesupport (= 3.0.10)
      rake (>= 0.8.7)
      rdoc (~> 3.4)
      thor (~> 0.14.4)
    rake (0.9.2)
    rdoc (3.9.4)
    refinerycms (1.0.4)
      bundler (~> 1.0)
      refinerycms-authentication (= 1.0.4)
      refinerycms-base (= 1.0.4)
      refinerycms-core (= 1.0.4)
      refinerycms-dashboard (= 1.0.4)
      refinerycms-images (= 1.0.4)
      refinerycms-pages (= 1.0.4)
      refinerycms-resources (= 1.0.4)
      refinerycms-settings (= 1.0.4)
    refinerycms-authentication (1.0.4)
      devise (~> 1.3.0)
      friendly_id_globalize3 (~> 3.2.1)
      refinerycms-core (= 1.0.4)
    refinerycms-base (1.0.4)
    refinerycms-blog (1.6.2)
      acts-as-taggable-on
      filters_spam (~> 0.2)
      refinerycms-core (~> 1.0.3)
      seo_meta (~> 1.1.0)
    refinerycms-core (1.0.4)
      acts_as_indexed (~> 0.7)
      awesome_nested_set (~> 2.0)
      friendly_id_globalize3 (~> 3.2.1)
      globalize3 (~> 0.1)
      rails (~> 3.0.9)
      refinerycms-base (= 1.0.4)
      refinerycms-generators (~> 1.0)
      refinerycms-settings (= 1.0.4)
      truncate_html (~> 0.5)
      will_paginate (= 3.0.pre2)
    refinerycms-dashboard (1.0.4)
      refinerycms-core (= 1.0.4)
    refinerycms-generators (1.0.3)
    refinerycms-i18n (1.0.0)
      refinerycms-core (>= 0.9.9.12)
      routing-filter (>= 0.2.3)
    refinerycms-images (1.0.4)
      dragonfly (~> 0.9.0)
      rack-cache (>= 0.5.3)
      refinerycms-core (= 1.0.4)
    refinerycms-inquiries (1.0.1)
      filters_spam (~> 0.2)
    refinerycms-news (1.2.0)
      refinerycms-core (~> 1.0.0)
    refinerycms-pages (1.0.4)
      awesome_nested_set (~> 2.0)
      friendly_id_globalize3 (~> 3.2.1)
      globalize3 (~> 0.1)
      refinerycms-core (= 1.0.4)
      seo_meta (~> 1.1)
    refinerycms-resources (1.0.4)
      dragonfly (~> 0.9.0)
      rack-cache (>= 0.5.3)
      refinerycms-core (= 1.0.4)
    refinerycms-settings (1.0.4)
      refinerycms-base (= 1.0.4)
    rest-client (1.6.8)
      mime-types (~> 1.16)
      rdoc (>= 2.4.2)
    routing-filter (0.2.4)
      actionpack
    rubycas-client (2.1.0)
      activesupport
    rubyzip (1.1.6)
    seo_meta (1.1.1)
      refinerycms-generators (~> 1.0.1)
    sqlite3 (1.3.4)
    thor (0.14.6)
    treetop (1.4.10)
      polyglot
      polyglot (>= 0.3.1)
    truncate_html (0.5.1)
    tzinfo (0.3.29)
    warden (1.0.5)
      rack (>= 1.0)
    will_paginate (3.0.pre2)

PLATFORMS
  ruby

DEPENDENCIES
  dalli
  devise
  devise_cas_authenticatable
  fog
  heroku
  heroku-api
  memcachier
  refinerycms (= 1.0.4)
  refinerycms-blog (= 1.6.2)
  refinerycms-i18n (= 1.0.0)
  refinerycms-inquiries (= 1.0.1)
  refinerycms-news (= 1.2.0)
  sqlite3
